

GROUP Build
NUGET
  remote: https://www.nuget.org/api/v2
  specs:
    FAKE (4.21.0)
    FSharp.Compiler.Service (2.0.0.6)
    FSharp.Formatting (2.14.0)
      FSharp.Compiler.Service (>= 2.0.0.3 < 2.1.0)
      FSharpVSPowerTools.Core (>= 2.3.0 < 2.4.0)
    FSharpVSPowerTools.Core (2.3.0)
      FSharp.Compiler.Service (>= 2.0.0.3)
    libjpeg (9.0.1.4)
      libjpeg.redist (>= 9.0.1.4)
    libjpeg.redist (9.0.1.4)
    libpng (1.6.20.1)
      libpng.redist (>= 1.6.20.1)
      zlib (>= 1.2.8.8)
    libpng.redist (1.6.20.1)
    libtiff (4.0.6.2)
      libjpeg (>= 9.0.1.4)
      libtiff.redist (>= 4.0.6.2)
      zlib (>= 1.2.8.8)
    libtiff.redist (4.0.6.2)
    Microsoft.Bcl (1.1.10)
      Microsoft.Bcl.Build (>= 1.0.14)
    Microsoft.Bcl.Build (1.0.21) - import_targets: false
    Microsoft.Net.Http (2.2.29)
      Microsoft.Bcl (>= 1.1.10)
      Microsoft.Bcl.Build (>= 1.0.14)
    Octokit (0.18.0)
      Microsoft.Net.Http
    SDL (1.2.15.16)
      SDL.redist (>= 1.2.15.16)
    SDL.redist (1.2.15.16)
    SDL_image (1.2.12.3)
      libjpeg (>= 9.0.1.4)
      libpng (>= 1.6.19.1)
      libtiff (>= 4.0.6.2)
      SDL (>= 1.2.15.16)
      SDL_image.redist (>= 1.2.12.3)
      zlib (>= 1.2.8.8)
    SDL_image.redist (1.2.12.3)
    sdl2 (2.0.3)
      sdl2.redist (>= 2.0.3)
    sdl2.redist (2.0.3)
    SourceLink.Fake (1.1.0)
    zlib (1.2.8.8)
      zlib.v120.windesktop.msvcstl.dyn.rt-dyn (1.2.8.8)
      zlib.v140.windesktop.msvcstl.dyn.rt-dyn (1.2.8.8)
    zlib.v120.windesktop.msvcstl.dyn.rt-dyn (1.2.8.8)
    zlib.v140.windesktop.msvcstl.dyn.rt-dyn (1.2.8.8)
GITHUB
  remote: fsharp/FAKE
  specs:
    modules/Octokit/Octokit.fsx (998ddffae27ce0add0d7b8634a02fb43a9f96409)
      Octokit
GROUP Test
NUGET
  remote: https://www.nuget.org/api/v2
  specs:
    NUnit (2.6.4)
    NUnit.Runners (2.6.4)
